GEM
  remote: https://rubygems.org/
  specs:
    concurrent-ruby (1.2.0)
    ffi (1.15.5)
    haml (6.1.1)
      temple (>= 0.8.2)
      thor
      tilt
    i18n (1.10.0)
      concurrent-ruby (~> 1.0)
    json (2.6.3)
    listen (3.8.0)
      rb-fsevent (~> 0.10, >= 0.10.3)
      rb-inotify (~> 0.9, >= 0.9.10)
    mustermann (3.0.0)
      ruby2_keywords (~> 0.0.1)
    nio4r (2.5.8)
    pg (1.4.5)
    puma (6.0.2)
      nio4r (~> 2.0)
    rack (2.2.6.2)
    rack-protection (3.0.5)
      rack
    rb-fsevent (0.11.2)
    rb-inotify (0.10.1)
      ffi (~> 1.0)
    rerun (0.14.0)
      listen (~> 3.0)
    ruby2_keywords (0.0.5)
    sinatra (3.0.5)
      mustermann (~> 3.0)
      rack (~> 2.2, >= 2.2.4)
      rack-protection (= 3.0.5)
      tilt (~> 2.0)
    temple (0.10.0)
    thor (1.2.1)
    tilt (2.0.11)
    tzinfo (2.0.6)
      concurrent-ruby (~> 1.0)

PLATFORMS
  x86_64-darwin-21

DEPENDENCIES
  bundler
  haml
  i18n (~> 1.10.0)
  json
  pg (~> 1.4, >= 1.4.5)
  puma
  rerun
  sinatra
  tzinfo (~> 2.0.4)

BUNDLED WITH
   2.2.3
